PATH
  remote: .
  specs:
    git_miner (0.2.4)
      concurrent-ruby (~> 1.1)
      parallel (~> 1.17)

GEM
  remote: https://rubygems.org/
  specs:
    concurrent-ruby (1.1.10)
    diff-lcs (1.5.0)
    parallel (1.22.1)
    rake (13.0.6)
    rake-compiler (1.2.1)
      rake
    rspec (3.12.0)
      rspec-core (~> 3.12.0)
      rspec-expectations (~> 3.12.0)
      rspec-mocks (~> 3.12.0)
    rspec-core (3.12.0)
      rspec-support (~> 3.12.0)
    rspec-expectations (3.12.1)
      diff-lcs (>= 1.2.0, < 2.0)
      rspec-support (~> 3.12.0)
    rspec-mocks (3.12.1)
      diff-lcs (>= 1.2.0, < 2.0)
      rspec-support (~> 3.12.0)
    rspec-support (3.12.0)

PLATFORMS
  ruby

DEPENDENCIES
  bundler (~> 2.0)
  git_miner!
  rake (~> 13.0)
  rake-compiler (~> 1.0)
  rspec (~> 3.0)

BUNDLED WITH
   2.2.32
